GIT
  remote: git://github.com/jnicklas/capybara.git
  revision: 5e12101ad39284ba8e1ad236899b26ae5a32df0b
  specs:
    capybara (2.3.0)
      mime-types (>= 1.16)
      nokogiri (>= 1.3.3)
      rack (>= 1.0.0)
      rack-test (>= 0.5.4)
      xpath (~> 2.0)

GIT
  remote: git://github.com/joliss/jquery-ui-rails.git
  revision: 8b2d28d20d4d9372f5ae6318a878bfec275d7b10
  specs:
    jquery-ui-rails (4.2.1)
      railties (>= 3.2.16)

GIT
  remote: git://github.com/jonleighton/poltergeist.git
  revision: b7271f286b40fae6fdafb0f824e0acf1e212b105
  specs:
    poltergeist (1.5.0)
      capybara (~> 2.1)
      cliver (~> 0.3.1)
      multi_json (~> 1.0)
      websocket-driver (>= 0.2.0)

GIT
  remote: git://github.com/lautis/uglifier.git
  revision: 891889c24c1bde4ffb067ada4f37e2c849851360
  specs:
    uglifier (2.5.0)
      execjs (>= 0.3.0)
      json (>= 1.8.0)

GIT
  remote: git://github.com/pivotal/jasmine-gem.git
  revision: 01d6eac2bab488f5b406fa81ca01bbdad277bac1
  specs:
    jasmine (2.0.2)
      jasmine-core (~> 2.0.0)
      phantomjs
      rack (>= 1.2.1)
      rake

GIT
  remote: git://github.com/rails/coffee-rails.git
  revision: 044d0d683b436128dedf45f780b8fca138d005e2
  specs:
    coffee-rails (4.0.1)
      coffee-script (>= 2.2.0)
      railties (>= 4.0.0, < 5.0)

GIT
  remote: git://github.com/rails/jbuilder.git
  revision: f672a65ce2644fc736ba13bdcde6dca7867cc851
  specs:
    jbuilder (2.0.8)
      activesupport (>= 3.0.0, < 5)
      multi_json (~> 1.2)

GIT
  remote: git://github.com/rails/jquery-rails.git
  revision: 469171f4f24bbca1c38e741dcb258ba885724e5d
  specs:
    jquery-rails (3.1.0)
      railties (>= 3.0, < 5.0)
      thor (>= 0.14, < 2.0)

GIT
  remote: git://github.com/rails/rails.git
  revision: 4b19683f9f9fa3e7207272f20d201633c30b6962
  branch: 4-0-stable
  specs:
    actionmailer (4.0.5)
      actionpack (= 4.0.5)
      mail (~> 2.5, >= 2.5.4)
    actionpack (4.0.5)
      activesupport (= 4.0.5)
      builder (~> 3.1.0)
      erubis (~> 2.7.0)
      rack (~> 1.5.2)
      rack-test (~> 0.6.2)
    activemodel (4.0.5)
      activesupport (= 4.0.5)
      builder (~> 3.1.0)
    activerecord (4.0.5)
      activemodel (= 4.0.5)
      activerecord-deprecated_finders (~> 1.0.2)
      activesupport (= 4.0.5)
      arel (~> 4.0.0)
    activesupport (4.0.5)
      i18n (~> 0.6, >= 0.6.9)
      minitest (~> 4.2)
      multi_json (~> 1.3)
      thread_safe (~> 0.1)
      tzinfo (~> 0.3.37)
    rails (4.0.5)
      actionmailer (= 4.0.5)
      actionpack (= 4.0.5)
      activerecord (= 4.0.5)
      activesupport (= 4.0.5)
      bundler (>= 1.3.0, < 2.0)
      railties (= 4.0.5)
      sprockets-rails (~> 2.0)
    railties (4.0.5)
      actionpack (= 4.0.5)
      activesupport (= 4.0.5)
      rake (>= 0.8.7)
      thor (>= 0.18.1, < 2.0)

GIT
  remote: git://github.com/rails/sass-rails.git
  revision: 3a9e47db7d769221157c82229fc1bade55b580f0
  specs:
    sass-rails (4.0.1)
      railties (>= 4.0.0, < 5.0)
      sass (~> 3.2)
      sprockets (~> 2.12)
      sprockets-rails (~> 2.0)

GIT
  remote: git://github.com/rails/sprockets-rails.git
  revision: 60d9e2e3b4482f05ca0e45399134dae0d73b34df
  specs:
    sprockets-rails (2.1.2)
      actionpack (>= 4.0)
      activesupport (>= 4.0)
      sprockets (~> 2.8)

GIT
  remote: git://github.com/rails/turbolinks.git
  revision: 42285201dfb3365dfabe87b4b66a8c7569a07b48
  specs:
    turbolinks (2.2.2)
      coffee-rails

GIT
  remote: git://github.com/woto/ipgeobase.git
  revision: 07dc8b283d6f932443dd918182ca5ec1273b3cba
  specs:
    ipgeobase (0.0.1)
      ancestry

GIT
  remote: https://github.com/Shopify/active_merchant
  revision: b14e285774e599697653325c471e1c85a7163d64
  ref: b14e285774e599697653325c471e1c85a7163d64
  specs:
    activemerchant (1.24.0)
      active_utils (>= 1.0.2)
      activesupport (>= 2.3.11)
      builder (>= 2.0.0)
      i18n
      json (>= 1.5.1)
      money
      nokogiri

GIT
  remote: https://github.com/nathanvda/cocoon
  revision: 3735fecd19199e8331f14ef2056b92de3509ad12
  specs:
    cocoon (1.2.6)

GIT
  remote: https://github.com/plataformatec/simple_form.git
  revision: 122ac3b252f6d953c5e4e4856b95a63e6fd83f5a
  specs:
    simple_form (3.1.0.rc1)
      actionpack (~> 4.0)
      activemodel (~> 4.0)

GEM
  remote: https://rubygems.org/
  specs:
    active_utils (2.2.1)
      activesupport (>= 2.3.11)
      i18n
    activerecord-deprecated_finders (1.0.3)
    ancestry (2.1.0)
      activerecord (>= 3.0.0)
    arel (4.0.2)
    bcrypt (3.1.7)
    bcrypt-ruby (3.1.5)
      bcrypt (>= 3.1.3)
    binding_of_caller (0.7.2)
      debug_inspector (>= 0.0.1)
    builder (3.1.4)
    cancan (1.6.10)
    capistrano (3.2.1)
      i18n
      rake (>= 10.0.0)
      sshkit (~> 1.3)
    carrierwave (0.10.0)
      activemodel (>= 3.2.0)
      activesupport (>= 3.2.0)
      json (>= 1.7)
      mime-types (>= 1.16)
    celluloid (0.15.2)
      timers (~> 1.1.0)
    charlock_holmes (0.7.3)
    childprocess (0.5.3)
      ffi (~> 1.0, >= 1.0.11)
    chronic (0.10.2)
    cliver (0.3.2)
    coderay (1.1.0)
    coffee-script (2.2.0)
      coffee-script-source
      execjs
    coffee-script-source (1.7.0)
    colorize (0.7.3)
    commonjs (0.2.7)
    connection_pool (2.0.0)
    dalli (2.7.2)
    debug_inspector (0.0.2)
    diff-lcs (1.2.5)
    erubis (2.7.0)
    execjs (2.2.0)
    faraday (0.9.0)
      multipart-post (>= 1.2, < 3)
    fastercsv (1.5.5)
    ffi (1.9.3)
    hashie (2.1.1)
    hike (1.2.3)
    hiredis (0.4.5)
    htmlentities (4.3.2)
    i18n (0.6.9)
    innertube (1.1.0)
    interception (0.5)
    jasmine-core (2.0.0)
    json (1.8.1)
    jwt (1.0.0)
    kaminari (0.16.0)
      actionpack (>= 3.0.0)
      activesupport (>= 3.0.0)
    less (2.5.1)
      commonjs (~> 0.2.7)
    less-rails (2.5.0)
      actionpack (>= 3.1)
      less (~> 2.5.0)
    libv8 (3.16.14.3)
    macaddr (1.7.1)
      systemu (~> 2.6.2)
    mail (2.6.1)
      mime-types (>= 1.16, < 3)
    method_source (0.8.2)
    middleware (0.1.0)
    mime-types (2.3)
    mini_portile (0.6.0)
    minitest (4.7.5)
    money (6.1.1)
      i18n (~> 0.6.4)
    multi_json (1.10.1)
    multi_xml (0.5.5)
    multipart-post (2.0.0)
    mysql2 (0.3.12b4)
    nbayes (0.1.1)
    net-scp (1.2.1)
      net-ssh (>= 2.6.5)
    net-ssh (2.9.1)
    nokogiri (1.6.2.1)
      mini_portile (= 0.6.0)
    oauth (0.4.7)
    oauth2 (0.9.4)
      faraday (>= 0.8, < 0.10)
      jwt (~> 1.0)
      multi_json (~> 1.3)
      multi_xml (~> 0.5)
      rack (~> 1.2)
    omniauth (1.2.1)
      hashie (>= 1.2, < 3)
      rack (~> 1.0)
    omniauth-facebook (1.6.0)
      omniauth-oauth2 (~> 1.1)
    omniauth-google-oauth2 (0.2.4)
      omniauth (~> 1.0)
      omniauth-oauth2 (~> 1.1)
    omniauth-mailru (1.0.0)
      omniauth (~> 1.0)
      omniauth-oauth2 (~> 1.0)
    omniauth-oauth (1.0.1)
      oauth
      omniauth (~> 1.0)
    omniauth-oauth2 (1.1.2)
      faraday (>= 0.8, < 0.10)
      multi_json (~> 1.3)
      oauth2 (~> 0.9.3)
      omniauth (~> 1.2)
    omniauth-odnoklassniki (0.0.4)
      omniauth (~> 1.0)
      omniauth-oauth2 (~> 1.0)
    omniauth-twitter (1.0.1)
      multi_json (~> 1.3)
      omniauth-oauth (~> 1.0)
    omniauth-vkontakte (1.3.2)
      multi_json
      omniauth (~> 1.0)
      omniauth-oauth2 (~> 1.1)
    omniauth-yandex (0.0.2)
      omniauth (~> 1.0)
      omniauth-oauth2 (~> 1.0)
    pg (0.17.1)
    phantomjs (1.9.7.1)
    pry (0.9.12.6)
      coderay (~> 1.0)
      method_source (~> 0.8)
      slop (~> 3.4)
    pry-doc (0.6.0)
      pry (~> 0.9)
      yard (~> 0.8)
    pry-nav (0.2.3)
      pry (~> 0.9.10)
    pry-rescue (1.4.1)
      interception (>= 0.5)
      pry
    pry-stack_explorer (0.4.9.1)
      binding_of_caller (>= 0.7)
      pry (>= 0.9.11)
    puma (2.8.2)
      rack (>= 1.1, < 2.0)
    quiet_assets (1.0.2)
      railties (>= 3.1, < 5.0)
    rack (1.5.2)
    rack-rewrite (1.5.0)
    rack-test (0.6.2)
      rack (>= 1.0)
    rake (10.3.2)
    rdoc (4.1.1)
      json (~> 1.4)
    redis (3.0.7)
    redis-namespace (1.4.1)
      redis (~> 3.0.4)
    ref (1.0.5)
    remotipart (1.2.1)
    riddle (1.5.11)
    rmagick (2.13.2)
    rspec (3.0.0)
      rspec-core (~> 3.0.0)
      rspec-expectations (~> 3.0.0)
      rspec-mocks (~> 3.0.0)
    rspec-core (3.0.0)
      rspec-support (~> 3.0.0)
    rspec-expectations (3.0.0)
      diff-lcs (>= 1.2.0, < 2.0)
      rspec-support (~> 3.0.0)
    rspec-mocks (3.0.1)
      rspec-support (~> 3.0.0)
    rspec-rails (3.0.1)
      actionpack (>= 3.0)
      activesupport (>= 3.0)
      railties (>= 3.0)
      rspec-core (~> 3.0.0)
      rspec-expectations (~> 3.0.0)
      rspec-mocks (~> 3.0.0)
      rspec-support (~> 3.0.0)
    rspec-support (3.0.0)
    ruby-growl (4.1)
      uuid (~> 2.3, >= 2.3.5)
    rubyzip (1.1.4)
    russian (0.6.0)
      i18n (>= 0.5.0)
    sanitize (2.1.0)
      nokogiri (>= 1.4.4)
    sass (3.3.8)
    sdoc (0.4.0)
      json (~> 1.8)
      rdoc (~> 4.0, < 5.0)
    selenium-webdriver (2.42.0)
      childprocess (>= 0.5.0)
      multi_json (~> 1.0)
      rubyzip (~> 1.0)
      websocket (~> 1.0.4)
    show_me_the_cookies (2.2.0)
      capybara (~> 2.0)
    sidekiq (3.1.3)
      celluloid (>= 0.15.2)
      connection_pool (>= 2.0.0)
      json
      redis (>= 3.0.6)
      redis-namespace (>= 1.3.1)
    sitemap_generator (5.0.4)
      builder
    slim (2.0.2)
      temple (~> 0.6.6)
      tilt (>= 1.3.3, < 2.1)
    slim-rails (2.1.4)
      actionpack (>= 3.0, < 4.2)
      activesupport (>= 3.0, < 4.2)
      railties (>= 3.0, < 4.2)
      slim (~> 2.0)
    slop (3.5.0)
    sprockets (2.12.1)
      hike (~> 1.2)
      multi_json (~> 1.0)
      rack (~> 1.0)
      tilt (~> 1.1, != 1.3.0)
    sshkit (1.5.1)
      colorize
      net-scp (>= 1.1.2)
      net-ssh (>= 2.8.0)
    systemu (2.6.4)
    temple (0.6.7)
    therubyracer (0.12.1)
      libv8 (~> 3.16.14.0)
      ref
    thinking-sphinx (3.0.0)
      activerecord (>= 3.1.0)
      builder (>= 2.1.2)
      innertube (>= 1.0.2)
      middleware (>= 0.1.0)
      riddle (>= 1.5.4)
    thor (0.19.1)
    thread_safe (0.3.4)
    tilt (1.4.1)
    timers (1.1.0)
    tzinfo (0.3.39)
    uuid (2.3.7)
      macaddr (~> 1.0)
    websocket (1.0.7)
    websocket-driver (0.3.3)
    whenever (0.9.2)
      activesupport (>= 2.3.4)
      chronic (>= 0.6.3)
    xpath (2.0.0)
      nokogiri (~> 1.3)
    yandex_mystem (0.1.1)
    yard (0.8.7.4)
    yui-compressor (0.12.0)

PLATFORMS
  ruby

DEPENDENCIES
  activemerchant!
  ancestry
  bcrypt-ruby
  cancan
  capistrano
  capybara!
  carrierwave
  charlock_holmes
  cocoon!
  coffee-rails!
  dalli
  fastercsv
  hiredis (~> 0.4.5)
  htmlentities
  ipgeobase!
  jasmine!
  jbuilder!
  jquery-rails!
  jquery-ui-rails!
  json
  kaminari
  less-rails
  mysql2 (= 0.3.12b4)
  nbayes
  omniauth
  omniauth-facebook
  omniauth-google-oauth2
  omniauth-mailru
  omniauth-odnoklassniki
  omniauth-twitter
  omniauth-vkontakte
  omniauth-yandex
  pg
  poltergeist!
  pry
  pry-doc
  pry-nav
  pry-rescue
  pry-stack_explorer
  puma
  quiet_assets
  rack-rewrite
  rails!
  redis (~> 3.0.1)
  remotipart
  rmagick
  rspec
  rspec-rails
  ruby-growl
  russian
  sanitize
  sass-rails!
  sdoc
  selenium-webdriver
  show_me_the_cookies
  sidekiq
  simple_form!
  sitemap_generator
  slim-rails
  sprockets-rails!
  therubyracer
  thinking-sphinx (= 3.0.0)
  turbolinks!
  uglifier!
  whenever
  yandex_mystem
  yui-compressor
