GIT
  remote: git://github.com/deivid-rodriguez/byebug.git
  revision: 319be9a74c72dbd0cd3ed0ed23941df23f252463
  specs:
    byebug (2.3.1)
      columnize (~> 0.3.6)
      debugger-linecache (~> 1.2.0)

GIT
  remote: git://github.com/jnicklas/capybara.git
  revision: ccdd49d1f0e609ed7d17627452fd6e8a45eb10a1
  specs:
    capybara (2.1.0)
      mime-types (>= 1.16)
      nokogiri (>= 1.3.3)
      rack (>= 1.0.0)
      rack-test (>= 0.5.4)
      xpath (~> 2.0)

GIT
  remote: git://github.com/joliss/jquery-ui-rails.git
  revision: 4aa7de5ced2b5910b971f84c053871e3147ffd8c
  specs:
    jquery-ui-rails (4.1.0)
      railties (>= 3.1.0)

GIT
  remote: git://github.com/lautis/uglifier.git
  revision: 9ee5f0949ad3a4bec0a94d76d39c287675e7ef69
  specs:
    uglifier (2.3.0)
      execjs (>= 0.3.0)
      json (>= 1.8.0)

GIT
  remote: git://github.com/mikel/mail.git
  revision: c0b8352c08803af1935916353a137978df83a029
  specs:
    mail (2.6.0.edge)
      mime-types (~> 1.16)

GIT
  remote: git://github.com/pivotal/jasmine-gem.git
  revision: 1ae33981c2e9b22a078961e657257315acc2c92a
  specs:
    jasmine (2.0.0.rc5)
      jasmine-core (~> 2.0.0.rc5)
      phantomjs
      rack (>= 1.2.1)
      rake

GIT
  remote: git://github.com/rails/arel.git
  revision: 9e53488b1d8d535182a989bd38fbb171aebbeef5
  specs:
    arel (4.0.1.20131022201058)

GIT
  remote: git://github.com/rails/coffee-rails.git
  revision: 471ae515b57d484d494eba7e0a1f1016ebcc57e4
  specs:
    coffee-rails (4.0.1)
      coffee-script (>= 2.2.0)
      railties (>= 4.0.0, < 5.0)

GIT
  remote: git://github.com/rails/jbuilder.git
  revision: c2e7766672406dac1f376c27bb9977c3cbc6577d
  specs:
    jbuilder (2.0.0.beta)
      activesupport (>= 3.0.0)
      multi_json (>= 1.2.0)

GIT
  remote: git://github.com/rails/jquery-rails.git
  revision: f79e8f178f8358c57f6faf65f72c7b0bbfb42f65
  specs:
    jquery-rails (3.0.4)
      railties (>= 3.0, < 5.0)
      thor (>= 0.14, < 2.0)

GIT
  remote: git://github.com/rails/sass-rails.git
  revision: 0fcdff806511d0cfaf0bf379f3530ad11cb16f5c
  specs:
    sass-rails (4.0.1)
      railties (>= 4.0.0, < 5.0)
      sass (>= 3.2.0)
      sprockets-rails (~> 2.0.0)

GIT
  remote: git://github.com/rails/sprockets-rails.git
  revision: 6a03c314bec3a84a3f6c8076bf058b33ed672a13
  specs:
    sprockets-rails (2.0.1)
      actionpack (>= 3.0)
      activesupport (>= 3.0)
      sprockets (~> 2.8)

GIT
  remote: git://github.com/rails/turbolinks.git
  revision: b5e4d0f05d37a64946dc391ad0be3bd289708542
  specs:
    turbolinks (2.0.0)
      coffee-rails

GIT
  remote: git://github.com/railsware/sht_rails.git
  revision: b0e07a895e590689d2f5dca778d5cc87d197fbac
  specs:
    sht_rails (0.2.0)
      execjs (>= 0.3.0)
      handlebars (>= 0.4.0)
      rails (>= 3.1.0)
      sprockets (>= 2.0.3)
      tilt (>= 1.3.3)

GIT
  remote: git://github.com/woto/ipgeobase.git
  revision: 07dc8b283d6f932443dd918182ca5ec1273b3cba
  specs:
    ipgeobase (0.0.1)
      ancestry

GIT
  remote: git://github.com/woto/rails.git
  revision: 2ddf42bd9a575a08e5591f14f83650a54677e3e9
  branch: 4-0-stable
  specs:
    actionmailer (4.0.1)
      actionpack (= 4.0.1)
      mail
    actionpack (4.0.1)
      activesupport (= 4.0.1)
      builder (~> 3.1.0)
      erubis (~> 2.7.0)
      rack (~> 1.5.2)
      rack-test (~> 0.6.2)
    activemodel (4.0.1)
      activesupport (= 4.0.1)
      builder (~> 3.1.0)
    activerecord (4.0.1)
      activemodel (= 4.0.1)
      activerecord-deprecated_finders (~> 1.0.2)
      activesupport (= 4.0.1)
      arel (~> 4.0.0)
    activesupport (4.0.1)
      i18n (~> 0.6, >= 0.6.4)
      minitest (~> 4.2)
      multi_json (~> 1.3)
      thread_safe (~> 0.1)
      tzinfo (~> 0.3.37)
    rails (4.0.1)
      actionmailer (= 4.0.1)
      actionpack (= 4.0.1)
      activerecord (= 4.0.1)
      activesupport (= 4.0.1)
      bundler (>= 1.3.0, < 2.0)
      railties (= 4.0.1)
      sprockets-rails (~> 2.0.0)
    railties (4.0.1)
      actionpack (= 4.0.1)
      activesupport (= 4.0.1)
      rake (>= 0.8.7)
      thor (>= 0.18.1, < 2.0)

GIT
  remote: https://github.com/Shopify/active_merchant
  revision: b14e285774e599697653325c471e1c85a7163d64
  ref: b14e285774e599697653325c471e1c85a7163d64
  specs:
    activemerchant (1.24.0)
      active_utils (>= 1.0.2)
      activesupport (>= 2.3.11)
      builder (>= 2.0.0)
      i18n
      json (>= 1.5.1)
      money
      nokogiri

GIT
  remote: https://github.com/nathanvda/cocoon
  revision: 420eddaa04aa94998ee9ee3141e4a106642bf828
  specs:
    cocoon (1.2.1)

GIT
  remote: https://github.com/plataformatec/simple_form.git
  revision: b5ae13112ccd6b2ec12a3c5190bc6264c993b42d
  specs:
    simple_form (3.0.0)
      actionpack (>= 4.0.0, < 4.1)
      activemodel (>= 4.0.0, < 4.1)

GEM
  remote: https://rubygems.org/
  specs:
    active_utils (2.0.1)
      activesupport (>= 2.3.11)
      i18n
    activerecord-deprecated_finders (1.0.3)
    ancestry (2.0.0)
      activerecord (>= 3.0.0)
    atomic (1.1.14)
    bcrypt-ruby (3.1.2)
    builder (3.1.4)
    cancan (1.6.10)
    capistrano (3.0.0)
      i18n
      rake (>= 10.0.0)
      sshkit (>= 0.0.23)
    carrierwave (0.9.0)
      activemodel (>= 3.2.0)
      activesupport (>= 3.2.0)
      json (>= 1.7)
    charlock_holmes (0.6.9.4)
    chronic (0.10.2)
    cliver (0.2.2)
    coffee-script (2.2.0)
      coffee-script-source
      execjs
    coffee-script-source (1.6.3)
    columnize (0.3.6)
    commonjs (0.2.7)
    debugger-linecache (1.2.0)
    diff-lcs (1.2.4)
    erubis (2.7.0)
    execjs (2.0.2)
    faraday (0.8.8)
      multipart-post (~> 1.2.0)
    fastercsv (1.5.5)
    handlebars (0.5.0)
      commonjs (~> 0.2.3)
      handlebars-source (~> 1.0.12)
      therubyracer (~> 0.12.0)
    handlebars-source (1.0.12)
    hashie (2.0.5)
    hike (1.2.3)
    hiredis (0.4.5)
    httpauth (0.2.0)
    i18n (0.6.5)
    innertube (1.1.0)
    jasmine-core (2.0.0.rc5)
    json (1.8.1)
    jwt (0.1.8)
      multi_json (>= 1.5)
    kaminari (0.14.1)
      actionpack (>= 3.0.0)
      activesupport (>= 3.0.0)
    less (2.4.0)
      commonjs (~> 0.2.7)
    less-rails (2.4.2)
      actionpack (>= 3.1)
      less (~> 2.4.0)
    libv8 (3.16.14.3)
    macaddr (1.6.1)
      systemu (~> 2.5.0)
    middleware (0.1.0)
    mime-types (1.25)
    mini_portile (0.5.2)
    minitest (4.7.5)
    money (5.1.1)
      i18n (~> 0.6.0)
    multi_json (1.8.2)
    multipart-post (1.2.0)
    mysql2 (0.3.12b4)
    net-scp (1.1.2)
      net-ssh (>= 2.6.5)
    net-ssh (2.7.0)
    nokogiri (1.6.0)
      mini_portile (~> 0.5.0)
    oauth (0.4.7)
    oauth2 (0.8.1)
      faraday (~> 0.8)
      httpauth (~> 0.1)
      jwt (~> 0.1.4)
      multi_json (~> 1.0)
      rack (~> 1.2)
    omniauth (1.1.4)
      hashie (>= 1.2, < 3)
      rack
    omniauth-facebook (1.4.1)
      omniauth-oauth2 (~> 1.1.0)
    omniauth-google-oauth2 (0.2.1)
      omniauth (~> 1.0)
      omniauth-oauth2
    omniauth-mailru (1.0.0)
      omniauth (~> 1.0)
      omniauth-oauth2 (~> 1.0)
    omniauth-oauth (1.0.1)
      oauth
      omniauth (~> 1.0)
    omniauth-oauth2 (1.1.1)
      oauth2 (~> 0.8.0)
      omniauth (~> 1.0)
    omniauth-odnoklassniki (0.0.4)
      omniauth (~> 1.0)
      omniauth-oauth2 (~> 1.0)
    omniauth-twitter (1.0.1)
      multi_json (~> 1.3)
      omniauth-oauth (~> 1.0)
    omniauth-vkontakte (1.3.1)
      multi_json
      omniauth (~> 1.0)
      omniauth-oauth2 (~> 1.1)
    omniauth-yandex (0.0.2)
      omniauth (~> 1.0)
      omniauth-oauth2 (~> 1.0)
    pg (0.17.0)
    phantomjs (1.8.1.1)
      poltergeist
    poltergeist (1.4.1)
      capybara (~> 2.1.0)
      cliver (~> 0.2.1)
      multi_json (~> 1.0)
      websocket-driver (>= 0.2.0)
    quiet_assets (1.0.2)
      railties (>= 3.1, < 5.0)
    rack (1.5.2)
    rack-test (0.6.2)
      rack (>= 1.0)
    rake (10.1.0)
    rdoc (3.12.2)
      json (~> 1.4)
    redis (3.0.5)
    ref (1.0.5)
    riddle (1.5.9)
    rmagick (2.13.2)
    rspec (2.14.1)
      rspec-core (~> 2.14.0)
      rspec-expectations (~> 2.14.0)
      rspec-mocks (~> 2.14.0)
    rspec-core (2.14.7)
    rspec-expectations (2.14.3)
      diff-lcs (>= 1.1.3, < 2.0)
    rspec-mocks (2.14.4)
    ruby-growl (4.0)
      uuid (~> 2.3, >= 2.3.5)
    russian (0.6.0)
      i18n (>= 0.5.0)
    sanitize (2.0.6)
      nokogiri (>= 1.4.4)
    sass (3.2.12)
    sdoc (0.3.20)
      json (>= 1.1.3)
      rdoc (~> 3.10)
    sitemap_generator (4.2.0)
      builder
    slim (2.0.2)
      temple (~> 0.6.6)
      tilt (>= 1.3.3, < 2.1)
    slim-rails (2.0.3)
      actionpack (>= 3.0, < 4.1)
      activesupport (>= 3.0, < 4.1)
      railties (>= 3.0, < 4.1)
      slim (~> 2.0)
    sprockets (2.10.0)
      hike (~> 1.2)
      multi_json (~> 1.0)
      rack (~> 1.0)
      tilt (~> 1.1, != 1.3.0)
    sshkit (1.1.0)
      net-scp
      net-ssh
      term-ansicolor
    systemu (2.5.2)
    temple (0.6.7)
    term-ansicolor (1.2.2)
      tins (~> 0.8)
    therubyracer (0.12.0)
      libv8 (~> 3.16.14.0)
      ref
    thinking-sphinx (3.0.0)
      activerecord (>= 3.1.0)
      builder (>= 2.1.2)
      innertube (>= 1.0.2)
      middleware (>= 0.1.0)
      riddle (>= 1.5.4)
    thor (0.18.1)
    thread_safe (0.1.3)
      atomic
    tilt (1.4.1)
    tins (0.12.0)
    tzinfo (0.3.38)
    uuid (2.3.7)
      macaddr (~> 1.0)
    websocket-driver (0.3.0)
    whenever (0.8.4)
      activesupport (>= 2.3.4)
      chronic (>= 0.6.3)
    xpath (2.0.0)
      nokogiri (~> 1.3)
    yandex_mystem (0.1.0)

PLATFORMS
  ruby

DEPENDENCIES
  activemerchant!
  ancestry
  arel!
  bcrypt-ruby
  byebug!
  cancan
  capistrano
  capybara!
  carrierwave
  charlock_holmes
  cocoon!
  coffee-rails!
  fastercsv
  hiredis (~> 0.4.5)
  ipgeobase!
  jasmine!
  jbuilder!
  jquery-rails!
  jquery-ui-rails!
  json
  kaminari
  less-rails
  mail!
  mysql2 (= 0.3.12b4)
  omniauth
  omniauth-facebook
  omniauth-google-oauth2
  omniauth-mailru
  omniauth-odnoklassniki
  omniauth-twitter
  omniauth-vkontakte
  omniauth-yandex
  pg
  poltergeist
  quiet_assets
  rails!
  redis (~> 3.0.1)
  rmagick
  rspec
  ruby-growl
  russian
  sanitize
  sass-rails!
  sdoc
  sht_rails!
  simple_form!
  sitemap_generator
  slim-rails
  sprockets-rails!
  therubyracer
  thinking-sphinx (= 3.0.0)
  turbolinks!
  uglifier!
  whenever
  yandex_mystem
