GIT
  remote: git://github.com/discourse/discourse_api.git
  revision: 6008b14963a3af49d3d9a4a7453b2323d8e9514b
  specs:
    discourse_api (0.4.1)
      dotenv (~> 1.0)
      faraday (= 0.9.0)
      faraday_middleware (~> 0.9)
      rack (~> 1.5)

GIT
  remote: git://github.com/jnicklas/capybara.git
  revision: c789ffb08908b043a06017cc8debccc80ebd553e
  specs:
    capybara (2.5.0.dev)
      mime-types (>= 1.16)
      nokogiri (>= 1.3.3)
      rack (>= 1.0.0)
      rack-test (>= 0.5.4)
      xpath (~> 2.0)

GIT
  remote: git://github.com/joliss/jquery-ui-rails.git
  revision: 037b408e3a2b916c722413c57660870960303e4b
  specs:
    jquery-ui-rails (5.0.3)
      railties (>= 3.2.16)

GIT
  remote: git://github.com/jonleighton/poltergeist.git
  revision: 15b84ca31b3fbfc7c864236e601a277c8142297f
  specs:
    poltergeist (1.6.0)
      capybara (~> 2.1)
      cliver (~> 0.3.1)
      multi_json (~> 1.0)
      websocket-driver (>= 0.2.0)

GIT
  remote: git://github.com/woto/discourse_static_assets.git
  revision: 3df03ae16821fc2605cb74165ac60c8fdc7536e4
  specs:
    discourse_static_assets (0.0.1)
      rails (~> 4)

GIT
  remote: git://github.com/woto/ipgeobase.git
  revision: 07dc8b283d6f932443dd918182ca5ec1273b3cba
  specs:
    ipgeobase (0.0.1)
      ancestry

GIT
  remote: https://github.com/nathanvda/cocoon
  revision: 8d427d5898e3439d365b00f358fe31bcdcf5f25d
  specs:
    cocoon (1.2.6)

GEM
  remote: https://rubygems.org/
  specs:
    actionmailer (4.2.0)
      actionpack (= 4.2.0)
      actionview (= 4.2.0)
      activejob (= 4.2.0)
      mail (~> 2.5, >= 2.5.4)
      rails-dom-testing (~> 1.0, >= 1.0.5)
    actionpack (4.2.0)
      actionview (= 4.2.0)
      activesupport (= 4.2.0)
      rack (~> 1.6.0)
      rack-test (~> 0.6.2)
      rails-dom-testing (~> 1.0, >= 1.0.5)
      rails-html-sanitizer (~> 1.0, >= 1.0.1)
    actionview (4.2.0)
      activesupport (= 4.2.0)
      builder (~> 3.1)
      erubis (~> 2.7.0)
      rails-dom-testing (~> 1.0, >= 1.0.5)
      rails-html-sanitizer (~> 1.0, >= 1.0.1)
    active_utils (3.0.0)
      activesupport (>= 3.2)
      i18n
    activejob (4.2.0)
      activesupport (= 4.2.0)
      globalid (>= 0.3.0)
    activemodel (4.2.0)
      activesupport (= 4.2.0)
      builder (~> 3.1)
    activerecord (4.2.0)
      activemodel (= 4.2.0)
      activesupport (= 4.2.0)
      arel (~> 6.0)
    activesupport (4.2.0)
      i18n (~> 0.7)
      json (~> 1.7, >= 1.7.7)
      minitest (~> 5.1)
      thread_safe (~> 0.3, >= 0.3.4)
      tzinfo (~> 1.1)
    ancestry (2.1.0)
      activerecord (>= 3.0.0)
    arel (6.0.0)
    autoprefixer-rails (5.1.7.1)
      execjs
      json
    bcrypt (3.1.10)
    binding_of_caller (0.7.2)
      debug_inspector (>= 0.0.1)
    bootstrap-sass (3.3.4.1)
      autoprefixer-rails (>= 5.0.0.1)
      sass (>= 3.2.19)
    bootswatch-rails (3.2.4)
      railties (>= 3.1)
    builder (3.2.2)
    byebug (4.0.3)
      columnize (= 0.9.0)
    cancan (1.6.10)
    carrierwave (0.10.0)
      activemodel (>= 3.2.0)
      activesupport (>= 3.2.0)
      json (>= 1.7)
      mime-types (>= 1.16)
    celluloid (0.16.0)
      timers (~> 4.0.0)
    childprocess (0.5.5)
      ffi (~> 1.0, >= 1.0.11)
    chronic (0.10.2)
    cliver (0.3.2)
    coderay (1.1.0)
    coffee-rails (4.1.0)
      coffee-script (>= 2.2.0)
      railties (>= 4.0.0, < 5.0)
    coffee-script (2.3.0)
      coffee-script-source
      execjs
    coffee-script-source (1.9.1)
    columnize (0.9.0)
    commonjs (0.2.7)
    connection_pool (2.1.3)
    crass (1.0.1)
    dalli (2.7.4)
    debug_inspector (0.0.2)
    domain_name (0.5.23)
      unf (>= 0.0.5, < 1.0.0)
    dotenv (1.0.2)
    erubis (2.7.0)
    execjs (2.4.0)
    faraday (0.9.0)
      multipart-post (>= 1.2, < 3)
    faraday_middleware (0.9.1)
      faraday (>= 0.7.4, < 0.10)
    ffi (1.9.8)
    font-awesome-sass (4.3.2.1)
      sass (~> 3.2)
    globalid (0.3.3)
      activesupport (>= 4.1.0)
    hashie (3.4.0)
    hike (1.2.3)
    hiredis (0.4.5)
    hitimes (1.2.2)
    htmlentities (4.3.3)
    http-cookie (1.0.2)
      domain_name (~> 0.5)
    i18n (0.7.0)
    interception (0.5)
    jbuilder (2.2.12)
      activesupport (>= 3.0.0, < 5)
      multi_json (~> 1.2)
    jquery-rails (4.0.3)
      rails-dom-testing (~> 1.0)
      railties (>= 4.2.0)
      thor (>= 0.14, < 2.0)
    json (1.8.2)
    jwt (1.4.1)
    kaminari (0.16.3)
      actionpack (>= 3.0.0)
      activesupport (>= 3.0.0)
    less (2.6.0)
      commonjs (~> 0.2.7)
    less-rails (2.6.0)
      actionpack (>= 3.1)
      less (~> 2.6.0)
    libv8 (3.16.14.7)
    loofah (2.0.1)
      nokogiri (>= 1.5.9)
    mail (2.6.3)
      mime-types (>= 1.16, < 3)
    mechanize (2.7.3)
      domain_name (~> 0.5, >= 0.5.1)
      http-cookie (~> 1.0)
      mime-types (~> 2.0)
      net-http-digest_auth (~> 1.1, >= 1.1.1)
      net-http-persistent (~> 2.5, >= 2.5.2)
      nokogiri (~> 1.4)
      ntlm-http (~> 0.1, >= 0.1.1)
      webrobots (>= 0.0.9, < 0.2)
    method_source (0.8.2)
    mime-types (2.4.3)
    mini_magick (4.2.0)
    mini_portile (0.6.2)
    minitest (5.5.1)
    money (6.5.1)
      i18n (>= 0.6.4, <= 0.7.0)
    multi_json (1.11.0)
    multi_xml (0.5.5)
    multipart-post (2.0.0)
    nbayes (0.1.1)
    net-http-digest_auth (1.4)
    net-http-persistent (2.9.4)
    nokogiri (1.6.6.2)
      mini_portile (~> 0.6.0)
    nokogumbo (1.2.0)
      nokogiri
    ntlm-http (0.1.1)
    oauth (0.4.7)
    oauth2 (1.0.0)
      faraday (>= 0.8, < 0.10)
      jwt (~> 1.0)
      multi_json (~> 1.3)
      multi_xml (~> 0.5)
      rack (~> 1.2)
    offsite_payments (2.1.0)
      actionpack (>= 3.2.20, < 5.0.0)
      active_utils (~> 3.0.0)
      activesupport (>= 3.2.14, < 5.0.0)
      builder (>= 2.1.2, < 4.0.0)
      i18n (~> 0.5)
      money (>= 5.0.0, < 7.0.0)
      nokogiri (~> 1.4)
    omniauth (1.2.2)
      hashie (>= 1.2, < 4)
      rack (~> 1.0)
    omniauth-facebook (2.0.1)
      omniauth-oauth2 (~> 1.2)
    omniauth-github (1.1.2)
      omniauth (~> 1.0)
      omniauth-oauth2 (~> 1.1)
    omniauth-google-oauth2 (0.2.6)
      omniauth (> 1.0)
      omniauth-oauth2 (~> 1.1)
    omniauth-mailru (1.0.0)
      omniauth (~> 1.0)
      omniauth-oauth2 (~> 1.0)
    omniauth-oauth (1.0.1)
      oauth
      omniauth (~> 1.0)
    omniauth-oauth2 (1.2.0)
      faraday (>= 0.8, < 0.10)
      multi_json (~> 1.3)
      oauth2 (~> 1.0)
      omniauth (~> 1.2)
    omniauth-odnoklassniki (0.0.4)
      omniauth (~> 1.0)
      omniauth-oauth2 (~> 1.0)
    omniauth-twitter (1.1.0)
      multi_json (~> 1.3)
      omniauth-oauth (~> 1.0)
    omniauth-vkontakte (1.3.3)
      multi_json
      omniauth (~> 1.0)
      omniauth-oauth2 (~> 1.1)
    omniauth-yandex (0.0.2)
      omniauth (~> 1.0)
      omniauth-oauth2 (~> 1.0)
    pg (0.18.1)
    polyamorous (1.1.0)
      activerecord (>= 3.0)
    pry (0.10.1)
      coderay (~> 1.1.0)
      method_source (~> 0.8.1)
      slop (~> 3.4)
    pry-doc (0.6.0)
      pry (~> 0.9)
      yard (~> 0.8)
    pry-nav (0.2.4)
      pry (>= 0.9.10, < 0.11.0)
    pry-rescue (1.4.1)
      interception (>= 0.5)
      pry
    pry-stack_explorer (0.4.9.2)
      binding_of_caller (>= 0.7)
      pry (>= 0.9.11)
    puma (2.11.1)
      rack (>= 1.1, < 2.0)
    rack (1.6.0)
    rack-protection (1.5.3)
      rack
    rack-rewrite (1.5.1)
    rack-test (0.6.3)
      rack (>= 1.0)
    rails (4.2.0)
      actionmailer (= 4.2.0)
      actionpack (= 4.2.0)
      actionview (= 4.2.0)
      activejob (= 4.2.0)
      activemodel (= 4.2.0)
      activerecord (= 4.2.0)
      activesupport (= 4.2.0)
      bundler (>= 1.3.0, < 2.0)
      railties (= 4.2.0)
      sprockets-rails
    rails-deprecated_sanitizer (1.0.3)
      activesupport (>= 4.2.0.alpha)
    rails-dom-testing (1.0.6)
      activesupport (>= 4.2.0.beta, < 5.0)
      nokogiri (~> 1.6.0)
      rails-deprecated_sanitizer (>= 1.0.1)
    rails-html-sanitizer (1.0.2)
      loofah (~> 2.0)
    rails-i18n (4.0.4)
      i18n (~> 0.6)
      railties (~> 4.0)
    railties (4.2.0)
      actionpack (= 4.2.0)
      activesupport (= 4.2.0)
      rake (>= 0.8.7)
      thor (>= 0.18.1, < 2.0)
    rake (10.4.2)
    ransack (1.6.4)
      actionpack (>= 3.0)
      activerecord (>= 3.0)
      activesupport (>= 3.0)
      i18n
      polyamorous (~> 1.1)
    rdoc (4.2.0)
      json (~> 1.4)
    read_only (0.0.3)
    redis (3.0.7)
    redis-namespace (1.5.1)
      redis (~> 3.0, >= 3.0.4)
    ref (1.0.5)
    remotipart (1.2.1)
    rubyzip (1.1.7)
    sanitize (3.1.2)
      crass (~> 1.0.1)
      nokogiri (>= 1.4.4)
      nokogumbo (= 1.2.0)
    sass (3.4.13)
    sass-rails (5.0.1)
      railties (>= 4.0.0, < 5.0)
      sass (~> 3.1)
      sprockets (>= 2.8, < 4.0)
      sprockets-rails (>= 2.0, < 4.0)
      tilt (~> 1.1)
    sdoc (0.4.1)
      json (~> 1.7, >= 1.7.7)
      rdoc (~> 4.0)
    selenium-webdriver (2.45.0)
      childprocess (~> 0.5)
      multi_json (~> 1.0)
      rubyzip (~> 1.0)
      websocket (~> 1.0)
    show_me_the_cookies (2.6.0)
      capybara (~> 2.0)
    sidekiq (3.3.3)
      celluloid (>= 0.16.0)
      connection_pool (>= 2.1.1)
      json
      redis (>= 3.0.6)
      redis-namespace (>= 1.3.1)
    simple_form (3.1.0)
      actionpack (~> 4.0)
      activemodel (~> 4.0)
    sinatra (1.4.5)
      rack (~> 1.4)
      rack-protection (~> 1.4)
      tilt (~> 1.3, >= 1.3.4)
    sitemap_generator (5.0.5)
      builder
    slim (3.0.3)
      temple (~> 0.7.3)
      tilt (>= 1.3.3, < 2.1)
    slim-rails (3.0.1)
      actionmailer (>= 3.1, < 5.0)
      actionpack (>= 3.1, < 5.0)
      activesupport (>= 3.1, < 5.0)
      railties (>= 3.1, < 5.0)
      slim (~> 3.0)
    slop (3.6.0)
    spring (1.3.4)
    sprockets (2.12.3)
      hike (~> 1.2)
      multi_json (~> 1.0)
      rack (~> 1.0)
      tilt (~> 1.1, != 1.3.0)
    sprockets-rails (2.2.4)
      actionpack (>= 3.0)
      activesupport (>= 3.0)
      sprockets (>= 2.8, < 4.0)
    temple (0.7.5)
    therubyracer (0.12.1)
      libv8 (~> 3.16.14.0)
      ref
    thor (0.19.1)
    thread_safe (0.3.5)
    tilt (1.4.1)
    timers (4.0.1)
      hitimes
    turbolinks (2.5.3)
      coffee-rails
    tzinfo (1.2.2)
      thread_safe (~> 0.1)
    uglifier (2.7.1)
      execjs (>= 0.3.0)
      json (>= 1.8.0)
    unf (0.1.4)
      unf_ext
    unf_ext (0.0.6)
    web-console (2.1.2)
      activemodel (>= 4.0)
      binding_of_caller (>= 0.7.2)
      railties (>= 4.0)
      sprockets-rails (>= 2.0, < 4.0)
    webrobots (0.1.1)
    websocket (1.2.1)
    websocket-driver (0.5.3)
      websocket-extensions (>= 0.1.0)
    websocket-extensions (0.1.2)
    whenever (0.9.4)
      chronic (>= 0.6.3)
    xpath (2.0.0)
      nokogiri (~> 1.3)
    yard (0.8.7.6)
    yui-compressor (0.12.0)

PLATFORMS
  ruby

DEPENDENCIES
  ancestry
  autoprefixer-rails
  bcrypt (~> 3.1.7)
  bootstrap-sass
  bootswatch-rails
  byebug
  cancan
  capybara!
  carrierwave
  cocoon!
  coffee-rails (~> 4.1.0)
  dalli
  discourse_api!
  discourse_static_assets!
  font-awesome-sass
  hiredis (~> 0.4.5)
  htmlentities
  ipgeobase!
  jbuilder (~> 2.0)
  jquery-rails
  jquery-ui-rails!
  json
  kaminari
  less-rails
  mechanize
  mini_magick
  nbayes
  offsite_payments
  omniauth
  omniauth-facebook
  omniauth-github
  omniauth-google-oauth2
  omniauth-mailru
  omniauth-odnoklassniki
  omniauth-twitter
  omniauth-vkontakte
  omniauth-yandex
  pg
  poltergeist!
  pry
  pry-doc
  pry-nav
  pry-rescue
  pry-stack_explorer
  puma
  rack-rewrite
  rails (= 4.2.0)
  rails-html-sanitizer (~> 1.0)
  rails-i18n (~> 4.0.0)
  ransack
  read_only
  redis (~> 3.0.1)
  remotipart
  sanitize
  sass-rails (~> 5.0)
  sdoc (~> 0.4.0)
  selenium-webdriver
  show_me_the_cookies
  sidekiq
  simple_form
  sinatra (>= 1.3.0)
  sitemap_generator
  slim-rails
  spring
  therubyracer
  turbolinks
  uglifier (>= 1.3.0)
  web-console (~> 2.0)
  whenever
  yui-compressor
